GEM
  remote: http://rubygems.org/
  specs:
    guard (1.3.2)
      listen (>= 0.4.2)
      thor (>= 0.14.6)
    listen (0.5.0)
    thor (0.16.0)

PLATFORMS
  ruby

DEPENDENCIES
  guard
